PATH
  remote: .
  specs:
    parallizer (0.5.0)
      celluloid (>= 0.17.3)
      hanging_methods (>= 0.0.2)

GEM
  remote: http://rubygems.org/
  specs:
    always_execute (0.1.3)
    celluloid (0.17.3)
      celluloid-essentials
      celluloid-extras
      celluloid-fsm
      celluloid-pool
      celluloid-supervision
      timers (>= 4.1.1)
    celluloid-essentials (0.20.5)
      timers (>= 4.1.1)
    celluloid-extras (0.20.5)
      timers (>= 4.1.1)
    celluloid-fsm (0.20.5)
      timers (>= 4.1.1)
    celluloid-pool (0.20.5)
      timers (>= 4.1.1)
    celluloid-supervision (0.20.6)
      timers (>= 4.1.1)
    diff-lcs (1.1.3)
    hanging_methods (0.0.3)
    hitimes (1.2.4)
    rake (10.1.0)
    rspec (2.9.0)
      rspec-core (~> 2.9.0)
      rspec-expectations (~> 2.9.0)
      rspec-mocks (~> 2.9.0)
    rspec-core (2.9.0)
    rspec-expectations (2.9.1)
      diff-lcs (~> 1.1.3)
    rspec-mocks (2.9.0)
    timers (4.1.1)
      hitimes

PLATFORMS
  ruby

DEPENDENCIES
  always_execute (~> 0.1.1)
  parallizer!
  rake
  rspec (~> 2.9.0)

BUNDLED WITH
   1.11.2
